PATH
  remote: .
  specs:
    markdown-ui (0.2.0)
      bundler (~> 1.9, ~> 1.10)
      nokogiri (~> 1.6, ~> 1.5)
      redcarpet (~> 3.3)

PATH
  remote: components/collections/markdown-ui-grid
  specs:
    markdown-ui-grid (0.1)
      bundler (~> 1.9, ~> 1.10)
      nokogiri (~> 1.6)
      redcarpet (~> 3.2)

PATH
  remote: components/collections/markdown-ui-menu
  specs:
    markdown-ui-menu (0.1)
      bundler (~> 1.9, ~> 1.10)
      nokogiri (~> 1.6)
      redcarpet (~> 3.2)

PATH
  remote: components/collections/markdown-ui-message
  specs:
    markdown-ui-message (0.1)
      bundler (~> 1.9, ~> 1.10)
      nokogiri (~> 1.6)
      redcarpet (~> 3.2)

PATH
  remote: components/elements/markdown-ui-button
  specs:
    markdown-ui-button (0.1)
      bundler (~> 1.9, ~> 1.10)
      nokogiri (~> 1.6)
      redcarpet (~> 3.2)

PATH
  remote: components/elements/markdown-ui-container
  specs:
    markdown-ui-container (0.1)
      bundler (~> 1.9, ~> 1.10)
      nokogiri (~> 1.6)
      redcarpet (~> 3.2)

PATH
  remote: components/elements/markdown-ui-content
  specs:
    markdown-ui-content (0.1)
      bundler (~> 1.9, ~> 1.10)
      nokogiri (~> 1.6)
      redcarpet (~> 3.2)

PATH
  remote: components/elements/markdown-ui-header
  specs:
    markdown-ui-header (0.1)
      bundler (~> 1.9, ~> 1.10)
      nokogiri (~> 1.6)
      redcarpet (~> 3.2)

PATH
  remote: components/elements/markdown-ui-input
  specs:
    markdown-ui-input (0.1)
      bundler (~> 1.9, ~> 1.10)
      nokogiri (~> 1.6)
      redcarpet (~> 3.2)

PATH
  remote: components/elements/markdown-ui-label
  specs:
    markdown-ui-label (0.1)
      bundler (~> 1.9, ~> 1.10)
      nokogiri (~> 1.6)
      redcarpet (~> 3.2)

PATH
  remote: components/elements/markdown-ui-segment
  specs:
    markdown-ui-segment (0.1)
      bundler (~> 1.9, ~> 1.10)
      nokogiri (~> 1.6)
      redcarpet (~> 3.2)

PATH
  remote: components/shared/markdown-ui-shared
  specs:
    markdown-ui-shared (0.1)
      bundler (~> 1.9, ~> 1.10)
      nokogiri (~> 1.6)
      redcarpet (~> 3.2)

GEM
  remote: https://rubygems.org/
  specs:
    byebug (6.0.2)
    codeclimate-test-reporter (0.6.0)
      simplecov (>= 0.7.1, < 1.0.0)
    docile (1.3.2)
    mini_portile2 (2.4.0)
    nokogiri (1.10.9)
      mini_portile2 (~> 2.4.0)
    power_assert (1.1.7)
    rake (10.5.0)
    redcarpet (3.5.0)
    simplecov (0.18.5)
      docile (~> 1.1)
      simplecov-html (~> 0.11)
    simplecov-html (0.12.2)
    test-unit (3.3.5)
      power_assert

PLATFORMS
  ruby

DEPENDENCIES
  byebug (~> 6.0)
  codeclimate-test-reporter (~> 0.4)
  markdown-ui!
  markdown-ui-button!
  markdown-ui-container!
  markdown-ui-content!
  markdown-ui-grid!
  markdown-ui-header!
  markdown-ui-input!
  markdown-ui-label!
  markdown-ui-menu!
  markdown-ui-message!
  markdown-ui-segment!
  markdown-ui-shared!
  rake (~> 10.0)
  simplecov (~> 0.10)
  test-unit (~> 3.0)

BUNDLED WITH
   1.17.3
